PATH
  remote: .
  specs:
    lazuli (0.0.1)

GEM
  remote: https://rubygems.org/
  specs:
    addressable (2.7.0)
      public_suffix (>= 2.0.2, < 5.0)
    aws-eventstream (1.1.0)
    aws-sigv4 (1.2.2)
      aws-eventstream (~> 1, >= 1.0.2)
    domain_name (0.5.20190701)
      unf (>= 0.0.5, < 1.0.0)
    ffi (1.13.1)
    ffi-compiler (1.0.1)
      ffi (>= 1.0.0)
      rake
    http (4.4.1)
      addressable (~> 2.3)
      http-cookie (~> 1.0)
      http-form_data (~> 2.2)
      http-parser (~> 1.2.0)
    http-cookie (1.0.3)
      domain_name (~> 0.5)
    http-form_data (2.3.0)
    http-parser (1.2.1)
      ffi-compiler (>= 1.0, < 2.0)
    public_suffix (4.0.5)
    rake (12.3.3)
    unf (0.1.4)
      unf_ext
    unf_ext (0.0.7.7)
    vacuum (3.4.0)
      aws-sigv4 (~> 1.0)
      http (~> 4.0)

PLATFORMS
  ruby

DEPENDENCIES
  lazuli!
  rake (~> 12.0)
  vacuum

BUNDLED WITH
   2.1.4
